GEM
  remote: https://rubygems.org/
  specs:
    activesupport (3.2.11)
      i18n (~> 0.6)
      multi_json (~> 1.0)
    ansi (1.4.3)
    awesome_print (1.1.0)
    backports (2.6.7)
    benchmark-ips (1.2.0)
    builder (3.1.4)
    coderay (1.0.8)
    columnize (0.3.6)
    debugger (1.2.4)
      columnize (>= 0.3.1)
      debugger-linecache (~> 1.1.1)
      debugger-ruby_core_source (~> 1.1.7)
    debugger-linecache (1.1.2)
      debugger-ruby_core_source (>= 1.1.1)
    debugger-ruby_core_source (1.1.7)
    descendants_tracker (0.0.1)
    grape (0.2.6)
      activesupport
      builder
      hashie (~> 1.2)
      multi_json (>= 1.3.2)
      multi_xml (>= 0.5.2)
      rack
      rack-accept
      rack-mount
      virtus
    grape-swagger (0.3.0)
      grape (~> 0.2.0)
      kramdown
    guard (1.6.1)
      listen (>= 0.6.0)
      lumberjack (>= 1.0.2)
      pry (>= 0.9.10)
      thor (>= 0.14.6)
    guard-minitest (0.5.0)
      guard (>= 0.4)
    hashie (1.2.0)
    hiredis (0.4.5)
    i18n (0.6.1)
    kgio (2.8.0)
    kramdown (0.14.2)
    listen (0.7.2)
    lumberjack (1.0.2)
    method_source (0.8.1)
    minitest (4.5.0)
    multi_json (1.5.0)
    multi_xml (0.5.2)
    nest (1.1.2)
      redis
    ohm (1.2.0)
      nest (~> 1.0)
      redis
      scrivener (~> 0.0.3)
    oj (2.0.2)
    pry (0.9.11.4)
      coderay (~> 1.0.5)
      method_source (~> 0.8)
      slop (~> 3.4)
    pry-debugger (0.2.1)
      debugger (~> 1.2.0)
      pry (~> 0.9.10)
    rack (1.5.0)
    rack-accept (0.4.5)
      rack (>= 0.4)
    rack-mount (0.8.3)
      rack (>= 1.0.0)
    rack-test (0.6.2)
      rack (>= 1.0)
    raindrops (0.10.0)
    rake (10.0.3)
    rb-fsevent (0.9.3)
    redis (3.0.2)
    redis_gun (0.1.0)
    scrivener (0.0.3)
    shotgun (0.9)
      rack (>= 1.0)
    slop (3.4.3)
    thor (0.17.0)
    turn (0.9.6)
      ansi
    unicorn (4.5.0)
      kgio (~> 2.6)
      rack
      raindrops (~> 0.7)
    virtus (0.5.4)
      backports (~> 2.6.1)
      descendants_tracker (~> 0.0.1)
    yard (0.8.3)

PLATFORMS
  ruby

DEPENDENCIES
  awesome_print (~> 1.1.0)
  benchmark-ips (~> 1.2.0)
  grape (~> 0.2.6)
  grape-swagger (~> 0.3.0)
  guard-minitest (~> 0.5.0)
  hiredis (~> 0.4.5)
  minitest (~> 4.5.0)
  ohm (~> 1.2.0)
  oj (~> 2.0.0)
  pry-debugger (= 0.2.1)
  rack-test (~> 0.6.1)
  rake (~> 10.0.3)
  rb-fsevent (~> 0.9.2)
  redis (~> 3.0.2)
  redis_gun (~> 0.1.0)
  shotgun (~> 0.9)
  turn (~> 0.9.6)
  unicorn (~> 4.5.0)
  yard (~> 0.8.3)
